{
  "aor": 0.0009872448979591838,
  "aqi": 0.013505821428571431,
  "bids_meta": {
    "AccelFactPE": 2,
    "Conditions": {
      "1": "O+P+",
      "2": "O+P-",
      "3": "O-P+",
      "4": "O-P-",
      "5": "control",
      "6": "Perceptual"
    },
    "EchoTime": 0.02,
    "FlipAngle": 80,
    "InstitutionAddress": "Fairbanks_710_Chicago_Chicago_US_60611",
    "InstitutionName": "Northwestern_University",
    "Instructions": "Press the 1st finger when the two words rhyme, the tones match, or when the blue cross appears. Press the 2nd finger if the two words do not rhyme or the tones do not match.",
    "MagneticFieldStrength": 3,
    "Manufacturer": "Siemens",
    "ManufacturersModelName": "TrioTim",
    "NumberOfSlices": 32,
    "NumberOfVolumesDiscardedByUser": 6,
    "PhaseEncodingDirection": "j-",
    "PhaseEncodingLines": 120,
    "PulseSequenceType": "susceptibility weighted single-shot EPI",
    "RepetitionTime": 2,
    "SequenceVariant": "SK",
    "SliceEncodingDirection": "k",
    "SliceTiming": [
      1.0025,
      0,
      1.0675,
      0.0625,
      1.13,
      0.125,
      1.1925,
      0.1875,
      1.255,
      0.25,
      1.3175,
      0.3125,
      1.38,
      0.3775,
      1.4425,
      0.44,
      1.505,
      0.5025,
      1.5675,
      0.565,
      1.63,
      0.6275,
      1.6925,
      0.69,
      1.7575,
      0.7525,
      1.82,
      0.815,
      1.8825,
      0.8775,
      1.945,
      0.94
    ],
    "SoftwareVersions": "syngo_MR_B17",
    "TaskDescription": "Subjects were auditorily presented with two monosyllabic psuedowords and asked to make a rhyming judgement. Word pairs were categorized into four conditions: 24 pairs were orthographically similar and phonologically similar (O+P+), 24 pairs were orthographically different and phonologically similar (O-P+), 24 pairs were orthographically similar and phonologically different (O+P-), and 24 pairs were orthographically different and phonologically different (O-P-). Each word was presented along with a black fixation cross for 800 ms separated by a 200 ms interstimulus interval. Length of auditory stimuli can be found in /stimuli/NonWordAudDuration.tsv. The second stimulus was followed by a red fixation cross lasting 2200-3000 ms. Participants could respond as soon as the second word was presented until the beginning of the next trial. 24 perceptual trials were included involving matching judgements of tones. The tones were presented as increasing, decreasing, or steady in pitch. Subjects were asked to report whether the two presented stimuli matched or did not. 48 control trials were included to account for motor responses. In these trials no auditory stimuli were played along with the black fixation cross and a blue cross was presented instead of a red fixation cross. The timing for the fixation and perceptual trials was the same as for the lexical trials. This yielded 168 trials. Trials were randomized and divided into two separate 84 trial runs titled task-AANonWord_run-01 and task-AANonWord_run-02.",
    "TaskName": "Audio-Audio Non-Word Rhyming",
    "modality": "bold",
    "run_id": "02",
    "session_id": "T1",
    "subject_id": "023",
    "task_id": "AANonWord"
  },
  "dummy_trs": 0,
  "dvars_nstd": 38.82564272728204,
  "dvars_std": 1.0612788430769229,
  "dvars_vstd": 1.009334910974359,
  "efc": 0.5087535195758827,
  "fber": 2287.479736328125,
  "fd_mean": 0.12946162608432202,
  "fd_num": 26,
  "fd_perc": 13.26530612244898,
  "fwhm_avg": 2.985658900480569,
  "fwhm_x": 3.0916829090909093,
  "fwhm_y": 3.821469090909091,
  "fwhm_z": 2.0438247014417064,
  "gcor": 0.00364199,
  "gsr_x": -0.012381402775645256,
  "gsr_y": 0.026572100818157196,
  "provenance": {
    "md5sum": "7aae71f39d9272f60714880d8c43f1d1",
    "settings": {
      "fd_thres": 0.2,
      "hmc_fsl": false
    },
    "software": "mriqc",
    "version": "0.11.0",
    "webapi_port": null,
    "webapi_url": null
  },
  "size_t": 196,
  "size_x": 128,
  "size_y": 120,
  "size_z": 32,
  "snr": 5.368372746123383,
  "spacing_tr": 2.0,
  "spacing_x": 1.71875,
  "spacing_y": 1.71875,
  "spacing_z": 3.4800000190734863,
  "summary_bg_k": 56.22851215400381,
  "summary_bg_mad": 4.213314056396484,
  "summary_bg_mean": 42.89439010620117,
  "summary_bg_median": 21.168367385864258,
  "summary_bg_n": 307800.0,
  "summary_bg_p05": 16.948978424072266,
  "summary_bg_p95": 148.11224365234375,
  "summary_bg_stdv": 75.91771697998047,
  "summary_fg_k": 2.9090220628301715,
  "summary_fg_mad": 162.0348358154297,
  "summary_fg_mean": 1042.769775390625,
  "summary_fg_median": 1048.0458984375,
  "summary_fg_n": 107234.0,
  "summary_fg_p05": 737.4778076171876,
  "summary_fg_p95": 1342.0683349609374,
  "summary_fg_stdv": 195.22508239746094,
  "tsnr": 39.56191635131836
}